GEM
  remote: https://rubygems.org/
  specs:
    log4r (1.1.10)
    mimemagic (0.3.5)
    mini_portile2 (2.4.0)
    nokogiri (1.10.10)
      mini_portile2 (~> 2.4.0)
    polyglot (0.3.5)
    slaw (10.2.0)
      log4r (~> 1.1)
      mimemagic (~> 0.2)
      nokogiri (~> 1.8)
      thor (~> 0.20)
      treetop (~> 1.5)
    thor (0.20.3)
    treetop (1.6.11)
      polyglot (~> 0.3)

PLATFORMS
  ruby

DEPENDENCIES
  slaw (~> 10.2)

RUBY VERSION
   ruby 2.7.1p83

BUNDLED WITH
   1.17.3
